GEM
  remote: https://rubygems.org/
  specs:
    alexa_verifier (1.0.0)
    mustermann (1.0.1)
    rack (2.0.3)
    rack-protection (2.0.0)
      rack
    ralyxa (1.6.1)
      alexa_verifier (~> 1.0)
    sinatra (2.0.0)
      mustermann (~> 1.0)
      rack (~> 2.0)
      rack-protection (= 2.0.0)
      tilt (~> 2.0)
    tilt (2.0.8)

PLATFORMS
  ruby

DEPENDENCIES
  ralyxa
  sinatra

BUNDLED WITH
   1.16.1
